GEM
  remote: https://rubygems.org/
  specs:
    byebug (9.0.6)
    coderay (1.1.1)
    ffi (1.9.17)
    method_source (0.8.2)
    pry (0.10.4)
      coderay (~> 1.1.0)
      method_source (~> 0.8.1)
      slop (~> 3.4)
    pry-byebug (3.4.2)
      byebug (~> 9.0)
      pry (~> 0.10)
    rake (12.0.0)
    rake-compiler (1.0.3)
      rake
    slop (3.6.0)

PLATFORMS
  ruby

DEPENDENCIES
  ffi (~> 1.9)
  pry
  pry-byebug
  rake-compiler (~> 1.0)

BUNDLED WITH
   1.13.6
